GEM
  remote: https://rubygems.org/
  specs:
    sass (3.2.15)

PLATFORMS
  ruby

DEPENDENCIES
  sass (= 3.2.15)
